GEM
  remote: https://rubygems.org/
  specs:
    rack (2.2.3)
    redis (4.2.5)

PLATFORMS
  ruby

DEPENDENCIES
  rack (~> 2.2.3)
  redis (~> 4.2.5)

BUNDLED WITH
   2.1.4
